GEM
  remote: https://rubygems.org/
  specs:
    avro (1.7.7)
      multi_json
    diff-lcs (1.2.5)
    multi_json (1.11.2)
    rake (10.4.2)
    rspec (3.3.0)
      rspec-core (~> 3.3.0)
      rspec-expectations (~> 3.3.0)
      rspec-mocks (~> 3.3.0)
    rspec-core (3.3.2)
      rspec-support (~> 3.3.0)
    rspec-expectations (3.3.1)
      diff-lcs (>= 1.2.0, < 2.0)
      rspec-support (~> 3.3.0)
    rspec-mocks (3.3.2)
      diff-lcs (>= 1.2.0, < 2.0)
      rspec-support (~> 3.3.0)
    rspec-support (3.3.0)

PLATFORMS
  ruby

DEPENDENCIES
  avro (~> 1.7.7)
  rake (~> 10.4.2)
  rspec (~> 3.3.0)

BUNDLED WITH
   1.10.6
